GEM
  remote: http://rubygems.org/
  specs:
    addressable (2.2.8)
    data_objects (0.10.10)
      addressable (~> 2.1)
    dm-core (1.2.0)
      addressable (~> 2.2.6)
    dm-do-adapter (1.2.0)
      data_objects (~> 0.10.6)
      dm-core (~> 1.2.0)
    dm-migrations (1.2.0)
      dm-core (~> 1.2.0)
    dm-mysql-adapter (1.2.0)
      dm-do-adapter (~> 1.2.0)
      do_mysql (~> 0.10.6)
    dm-timestamps (1.2.0)
      dm-core (~> 1.2.0)
    do_mysql (0.10.10)
      data_objects (= 0.10.10)
    erubis (2.7.0)
    hashie (1.2.0)
    json (1.7.5)
    mysql2 (0.3.7)
    rack (1.4.1)
    rack-protection (1.2.0)
      rack
    rake (0.9.2.2)
    shotgun (0.9)
      rack (>= 1.0)
    sinatra (1.3.3)
      rack (~> 1.3, >= 1.3.6)
      rack-protection (~> 1.2)
      tilt (~> 1.3, >= 1.3.3)
    tilt (1.3.3)
    timezone (0.1.5)

PLATFORMS
  ruby

DEPENDENCIES
  dm-core
  dm-migrations
  dm-mysql-adapter
  dm-timestamps
  erubis
  hashie
  json
  mysql2 (= 0.3.7)
  rake
  shotgun
  sinatra
  timezone
